GIT
  remote: https://github.com/kematzy/sinatra-cache
  revision: 9996b52a6593cd8dd77cca06fb80e831ec8f6657
  specs:
    sinatra-cache (0.3.7)
      sinatra (>= 1.1.0)
      sinatra-outputbuffer (>= 0.1.0)

GEM
  remote: https://rubygems.org/
  specs:
    backports (3.6.8)
    multi_json (1.12.1)
    puma (3.6.0)
    rack (1.6.4)
    rack-protection (1.5.3)
      rack
    rack-test (0.6.3)
      rack (>= 1.0)
    sinatra (1.4.7)
      rack (~> 1.5)
      rack-protection (~> 1.4)
      tilt (>= 1.3, < 3)
    sinatra-contrib (1.4.7)
      backports (>= 2.0)
      multi_json
      rack-protection
      rack-test
      sinatra (~> 1.4.0)
      tilt (>= 1.3, < 3)
    sinatra-outputbuffer (0.1.0)
      sinatra (>= 1.0.a)
    tilt (2.0.5)

PLATFORMS
  ruby

DEPENDENCIES
  puma
  rack (< 2.0)
  sinatra
  sinatra-cache!
  sinatra-contrib

RUBY VERSION
   ruby 2.3.0p0

BUNDLED WITH
   1.12.5
